GEM
  remote: https://rubygems.org/
  specs:
    blankslate (2.1.2.4)
    builder (3.2.2)
    celluloid (0.15.2)
      timers (~> 1.1.0)
    classifier (1.3.4)
      fast-stemmer (>= 1.0.0)
    coderay (1.1.0)
    coffee-script (2.2.0)
      coffee-script-source
      execjs
    coffee-script-source (1.7.0)
    colorator (0.1)
    commonjs (0.2.7)
    excon (0.37.0)
    execjs (2.2.0)
    fast-stemmer (1.0.2)
    ffi (1.9.3)
    fog (1.22.1)
      fog-brightbox
      fog-core (~> 1.22)
      fog-json
      ipaddress (~> 0.5)
      nokogiri (~> 1.5, >= 1.5.11)
    fog-brightbox (0.0.2)
      fog-core
      fog-json
    fog-core (1.22.0)
      builder
      excon (~> 0.33)
      formatador (~> 0.2)
      mime-types
      net-scp (~> 1.1)
      net-ssh (>= 2.1.3)
    fog-json (1.0.0)
      multi_json (~> 1.0)
    formatador (0.2.5)
    hike (1.2.3)
    ipaddress (0.8.0)
    jekyll (2.0.3)
      classifier (~> 1.3)
      colorator (~> 0.1)
      jekyll-coffeescript (~> 1.0)
      jekyll-sass-converter (~> 1.0)
      kramdown (~> 1.3)
      liquid (~> 2.5.5)
      listen (~> 2.5)
      mercenary (~> 0.3.3)
      pygments.rb (~> 0.5.0)
      redcarpet (~> 3.1)
      safe_yaml (~> 1.0)
      toml (~> 0.1.0)
    jekyll-assets (0.8.1)
      jekyll (>= 1.0.0, < 3.0.0)
      sass
      sprockets (~> 2.10)
      sprockets-helpers
      sprockets-sass
    jekyll-coffeescript (1.0.0)
      coffee-script (~> 2.2)
    jekyll-minibundle (1.4.6)
    jekyll-sass-converter (1.0.0)
      sass (~> 3.2)
    json (1.8.1)
    kramdown (1.3.3)
    less (2.6.0)
      commonjs (~> 0.2.7)
    libv8 (3.16.14.3)
    liquid (2.5.5)
    listen (2.7.7)
      celluloid (>= 0.15.2)
      rb-fsevent (>= 0.9.3)
      rb-inotify (>= 0.9)
    mercenary (0.3.3)
    mime-types (2.3)
    mini_portile (0.6.0)
    multi_json (1.10.1)
    net-scp (1.2.1)
      net-ssh (>= 2.6.5)
    net-ssh (2.9.1)
    nokogiri (1.6.2.1)
      mini_portile (= 0.6.0)
    parslet (1.5.0)
      blankslate (~> 2.0)
    posix-spawn (0.3.8)
    pygments.rb (0.5.4)
      posix-spawn (~> 0.3.6)
      yajl-ruby (~> 1.1.0)
    rack (1.5.2)
    rake (10.3.2)
    rb-fsevent (0.9.4)
    rb-inotify (0.9.5)
      ffi (>= 0.5.0)
    redcarpet (3.1.2)
    ref (1.0.5)
    safe_yaml (1.0.3)
    sass (3.3.8)
    sprockets (2.12.1)
      hike (~> 1.2)
      multi_json (~> 1.0)
      rack (~> 1.0)
      tilt (~> 1.1, != 1.3.0)
    sprockets-helpers (1.1.0)
      sprockets (~> 2.0)
    sprockets-sass (1.2.0)
      sprockets (~> 2.0)
      tilt (~> 1.1)
    therubyracer (0.12.1)
      libv8 (~> 3.16.14.0)
      ref
    tilt (1.4.1)
    timers (1.1.0)
    toml (0.1.1)
      parslet (~> 1.5.0)
    uglifier (2.5.1)
      execjs (>= 0.3.0)
      json (>= 1.8.0)
    yajl-ruby (1.1.0)

PLATFORMS
  ruby

DEPENDENCIES
  coderay
  fog
  jekyll
  jekyll-assets
  jekyll-minibundle
  less
  rake
  therubyracer
  uglifier
