GEM
  remote: http://rubygems.org/
  specs:
    backports (2.2.1)
    haml (3.1.1)
    monkey-lib (0.5.4)
      backports
    nokogiri (1.4.4.1-x86-mingw32)
    rack (1.3.0)
    rack-flash (0.1.1)
      rack
    rack-test (0.6.0)
      rack (>= 1.0)
    rdiscount (1.6.8)
    sass (3.1.2)
    sinatra (1.2.6)
      rack (~> 1.1)
      tilt (>= 1.2.2, < 2.0)
    sinatra-advanced-routes (0.5.1)
      monkey-lib (~> 0.5.0)
      sinatra (~> 1.0)
      sinatra-sugar (~> 0.5.0)
    sinatra-reloader (0.5.0)
      sinatra (~> 1.0)
      sinatra-advanced-routes (~> 0.5.0)
    sinatra-sugar (0.5.1)
      monkey-lib (~> 0.5.0)
      sinatra (~> 1.0)
    tilt (1.3.2)

PLATFORMS
  x86-mingw32

DEPENDENCIES
  haml
  nokogiri
  rack-flash
  rack-test
  rdiscount
  sass
  sinatra
  sinatra-reloader
