GEM
  remote: https://rubygems.org/
  specs:
    backports (2.3.0)
    eventmachine (0.12.10)
    haml (3.1.3)
    json (1.6.1)
    kgio (2.8.0)
    lockfile (2.1.0)
    nokogiri (1.5.0)
    nokogiri (1.5.0-x86-mingw32)
    rack (1.3.5)
    rack-flash (0.1.2)
      rack
    rack-protection (1.1.4)
      rack
    rack-test (0.6.1)
      rack (>= 1.0)
    raindrops (0.11.0)
    rdiscount (1.6.8)
    sass (3.1.10)
    sinatra (1.3.1)
      rack (~> 1.3, >= 1.3.4)
      rack-protection (~> 1.1, >= 1.1.2)
      tilt (~> 1.3, >= 1.3.3)
    sinatra-contrib (1.3.1)
      backports (>= 2.0)
      eventmachine
      rack-protection
      rack-test
      sinatra (~> 1.3.0)
      tilt (~> 1.3)
    sinatra-reloader (1.0)
      sinatra-contrib
    tilt (1.3.3)
    unicorn (4.6.3)
      kgio (~> 2.6)
      rack
      raindrops (~> 0.7)

PLATFORMS
  ruby
  x86-mingw32

DEPENDENCIES
  haml
  json
  lockfile
  nokogiri
  rack
  rack-flash
  rack-test
  rdiscount
  sass
  sinatra
  sinatra-reloader
  unicorn
