GEM
  remote: http://rubygems.org/
  specs:
    backports (2.3.0)
    haml (3.1.3)
    json (1.6.1)
    lockfile (1.4.3)
    monkey-lib (0.5.4)
      backports
    nokogiri (1.5.0-x86-mingw32)
    rack (1.3.4)
    rack-flash (0.1.2)
      rack
    rack-protection (1.1.4)
      rack
    rack-test (0.6.1)
      rack (>= 1.0)
    rdiscount (1.6.8)
    sass (3.1.10)
    sinatra (1.3.1)
      rack (~> 1.3, >= 1.3.4)
      rack-protection (~> 1.1, >= 1.1.2)
      tilt (~> 1.3, >= 1.3.3)
    sinatra-advanced-routes (0.5.1)
      monkey-lib (~> 0.5.0)
      sinatra (~> 1.0)
      sinatra-sugar (~> 0.5.0)
    sinatra-reloader (0.5.0)
      sinatra (~> 1.0)
      sinatra-advanced-routes (~> 0.5.0)
    sinatra-sugar (0.5.1)
      monkey-lib (~> 0.5.0)
      sinatra (~> 1.0)
    tilt (1.3.3)

PLATFORMS
  x86-mingw32

DEPENDENCIES
  haml
  json
  lockfile
  nokogiri
  rack
  rack-flash
  rack-test
  rdiscount
  sass
  sinatra
  sinatra-reloader
